PATH
  remote: .
  specs:
    datadoge (0.0.4)
      dogstatsd-ruby (~> 2.0)
      gem_config (~> 0)

GEM
  remote: https://rubygems.org/
  specs:
    dogstatsd-ruby (2.1.0)
    gem_config (0.3.1)
    rake (13.0.1)

PLATFORMS
  ruby

DEPENDENCIES
  bundler (~> 1.6)
  datadoge!
  rake (~> 13)

BUNDLED WITH
   1.12.5
